PATH
  remote: .
  specs:
    prettyrb (0.1.0)
      ruby_parser (~> 3.14)

GEM
  remote: https://rubygems.org/
  specs:
    minitest (5.14.0)
    rake (10.5.0)
    ruby_parser (3.14.2)
      sexp_processor (~> 4.9)
    sexp_processor (4.14.1)

PLATFORMS
  ruby

DEPENDENCIES
  bundler (~> 1.17)
  minitest (~> 5.0)
  prettyrb!
  rake (~> 10.0)

BUNDLED WITH
   1.17.2
