PATH
  remote: .
  specs:
    prettyrb (0.3.1)
      parser (~> 2.7.0.5)
      thor

GEM
  remote: https://rubygems.org/
  specs:
    ast (2.4.0)
    coderay (1.1.2)
    docile (1.3.2)
    method_source (1.0.0)
    minitest (5.14.0)
    parser (2.7.0.5)
      ast (~> 2.4.0)
    pry (0.13.1)
      coderay (~> 1.1)
      method_source (~> 1.0)
    rake (12.3.3)
    simplecov (0.18.5)
      docile (~> 1.1)
      simplecov-html (~> 0.11)
    simplecov-html (0.12.2)
    thor (1.0.1)

PLATFORMS
  ruby

DEPENDENCIES
  bundler (~> 2.1.4)
  minitest (~> 5.0)
  prettyrb!
  pry (~> 0.13)
  rake (~> 12.3.3)
  simplecov (~> 0.18)

BUNDLED WITH
   2.1.4
