PATH
  remote: .
  specs:
    prettyrb (0.5.0)
      parser (~> 3.0.0)
      thor

GEM
  remote: https://rubygems.org/
  specs:
    ast (2.4.2)
    coderay (1.1.2)
    docile (1.4.0)
    method_source (1.0.0)
    minitest (5.14.4)
    parser (3.0.2.0)
      ast (~> 2.4.1)
    pry (0.13.1)
      coderay (~> 1.1)
      method_source (~> 1.0)
    rake (12.3.3)
    simplecov (0.21.2)
      docile (~> 1.1)
      simplecov-html (~> 0.11)
      simplecov_json_formatter (~> 0.1)
    simplecov-html (0.12.3)
    simplecov_json_formatter (0.1.3)
    thor (1.1.0)

PLATFORMS
  ruby

DEPENDENCIES
  bundler (~> 2.1.4)
  minitest (~> 5.0)
  prettyrb!
  pry (~> 0.13)
  rake (~> 12.3.3)
  simplecov (~> 0.18)

BUNDLED WITH
   2.1.4
