PATH
  remote: .
  specs:
    prettyrb (0.1.0)
      parser (~> 2.7.0.5)

GEM
  remote: https://rubygems.org/
  specs:
    ast (2.4.0)
    byebug (11.1.1)
    minitest (5.14.0)
    parser (2.7.0.5)
      ast (~> 2.4.0)
    rake (10.5.0)

PLATFORMS
  ruby

DEPENDENCIES
  bundler (~> 1.17)
  byebug (~> 11.1)
  minitest (~> 5.0)
  prettyrb!
  rake (~> 10.0)

BUNDLED WITH
   1.17.2
